CONTENT: NONE
RESTRICTION: || (== net452) (== net462)
NUGET
  remote: https://api.nuget.org/v3/index.json
    CommandLineParser (2.2.1)
      System.Collections (>= 4.0.11-rc2-24027) - restriction: || (&& (== net452) (>= netstandard1.5)) (== net462)
      System.Console (>= 4.0.0-rc2-24027) - restriction: || (&& (== net452) (>= netstandard1.5)) (== net462)
      System.Diagnostics.Debug (>= 4.0.11-rc2-24027) - restriction: || (&& (== net452) (>= netstandard1.5)) (== net462)
      System.Globalization (>= 4.0.11-rc2-24027) - restriction: || (&& (== net452) (>= netstandard1.5)) (== net462)
      System.IO (>= 4.1.0-rc2-24027) - restriction: || (&& (== net452) (>= netstandard1.5)) (== net462)
      System.Linq (>= 4.1.0-rc2-24027) - restriction: || (&& (== net452) (>= netstandard1.5)) (== net462)
      System.Linq.Expressions (>= 4.0.11-rc2-24027) - restriction: || (&& (== net452) (>= netstandard1.5)) (== net462)
      System.Reflection (>= 4.1.0-rc2-24027) - restriction: || (&& (== net452) (>= netstandard1.5)) (== net462)
      System.Reflection.Extensions (>= 4.0.1-rc2-24027) - restriction: || (&& (== net452) (>= netstandard1.5)) (== net462)
      System.Reflection.TypeExtensions (>= 4.1.0-rc2-24027) - restriction: || (&& (== net452) (>= netstandard1.5)) (== net462)
      System.Resources.ResourceManager (>= 4.0.1-rc2-24027) - restriction: || (&& (== net452) (>= netstandard1.5)) (== net462)
      System.Runtime (>= 4.1.0-rc2-24027) - restriction: || (&& (== net452) (>= netstandard1.5)) (== net462)
      System.Runtime.Extensions (>= 4.1.0-rc2-24027) - restriction: || (&& (== net452) (>= netstandard1.5)) (== net462)
    DatabaseSchemaReader (2.5.1)
    dotNetRDF (2.0.1)
      HtmlAgilityPack (>= 1.6)
      Newtonsoft.Json (>= 10.0.3)
      VDS.Common (>= 1.9)
    HtmlAgilityPack (1.8.2)
    Newtonsoft.Json (11.0.2)
    NLog (4.5.5)
    NLog.Config (4.5.5)
      NLog (>= 4.5.5)
      NLog.Schema (>= 4.5.5)
    NLog.Schema (4.5.5)
    r2rml4net (0.5.0-beta)
      DatabaseSchemaReader (>= 2.0)
      dotNetRDF (>= 2.0)
    SqlLocalDb (1.1)
    System.Collections (4.3) - restriction: || (&& (== net452) (>= netstandard1.5)) (== net462)
    System.Console (4.3.1) - restriction: || (&& (== net452) (>= netstandard1.5)) (== net462)
    System.Diagnostics.Debug (4.3) - restriction: || (&& (== net452) (>= netstandard1.5)) (== net462)
    System.Globalization (4.3) - restriction: || (&& (== net452) (>= netstandard1.5)) (== net462)
    System.IO (4.3) - restriction: || (&& (== net452) (>= netstandard1.5)) (== net462)
    System.Linq (4.3) - restriction: || (&& (== net452) (>= netstandard1.5)) (== net462)
    System.Linq.Expressions (4.3) - restriction: || (&& (== net452) (>= netstandard1.5)) (== net462)
    System.Reflection (4.3) - restriction: || (&& (== net452) (>= netstandard1.5)) (== net462)
    System.Reflection.Extensions (4.3) - restriction: || (&& (== net452) (>= netstandard1.5)) (== net462)
    System.Reflection.TypeExtensions (4.5.0-rc1) - restriction: || (&& (== net452) (>= netstandard1.5)) (== net462)
    System.Resources.ResourceManager (4.3) - restriction: || (&& (== net452) (>= netstandard1.5)) (== net462)
    System.Runtime (4.3) - restriction: || (&& (== net452) (>= netstandard1.5)) (== net462)
    System.Runtime.Extensions (4.3) - restriction: || (&& (== net452) (>= netstandard1.5)) (== net462)
    VDS.Common (1.10)
    xunit (2.3.1)
      xunit.analyzers (>= 0.7)
      xunit.assert (2.3.1)
      xunit.core (2.3.1)
    xunit.abstractions (2.0.1)
    xunit.analyzers (0.9)
    xunit.assert (2.3.1)
    xunit.core (2.3.1)
      xunit.extensibility.core (2.3.1)
      xunit.extensibility.execution (2.3.1)
    xunit.extensibility.core (2.3.1)
      xunit.abstractions (>= 2.0.1)
    xunit.extensibility.execution (2.3.1)
      xunit.extensibility.core (2.3.1)
GITHUB
  remote: r2rml4net/test-cases
    FULLPROJECT (1a71b9604fe0046f617985ee9de5fee15df0a89e)